GEM
  specs:
    daemons (1.4.1)
    eventmachine (1.2.7)
    kgio (2.11.4)
    nio4r (2.5.9)
    puma (6.3.0)
      nio4r (~> 2.0)
    rack (2.2.7)
    raindrops (0.20.1)
    thin (1.8.2)
      daemons (~> 1.0, >= 1.0.9)
      eventmachine (~> 1.0, >= 1.0.4)
      rack (>= 1, < 3)
    unicorn (6.1.0)
      kgio (~> 2.6)
      raindrops (~> 0.7)

PLATFORMS
  arm64-darwin-22

DEPENDENCIES
  puma
  thin
  unicorn

BUNDLED WITH
   2.4.13
